GEM
  remote: https://rubygems.org/
  specs:
    builder (2.1.2)
    libxml-ruby (2.6.0)
    rake (0.8.7)
    rake_commit (1.0.1)
    rspec (1.2.9)

PLATFORMS
  ruby

DEPENDENCIES
  builder (= 2.1.2)
  libxml-ruby (= 2.6.0)
  rake (= 0.8.7)
  rake_commit (= 1.0.1)
  rspec (= 1.2.9)
