GEM
  remote: https://rubygems.org/
  specs:
    braintree (2.36.0)
      builder (>= 2.0.0)
    builder (3.2.2)
    rack (1.5.2)
    sinatra (1.0)
      rack (>= 1.0)

PLATFORMS
  ruby

DEPENDENCIES
  braintree
  sinatra (= 1.0)
